GEM
  remote: https://rubygems.org/
  specs:
    activesupport (7.0.4)
      concurrent-ruby (~> 1.0, >= 1.0.2)
      i18n (>= 1.6, < 2)
      minitest (>= 5.1)
      tzinfo (~> 2.0)
    concurrent-ruby (1.1.10)
    debug (1.6.2)
      irb (>= 1.3.6)
      reline (>= 0.3.1)
    httparty (0.20.0)
      mime-types (~> 3.0)
      multi_xml (>= 0.5.2)
    i18n (1.12.0)
      concurrent-ruby (~> 1.0)
    io-console (0.5.11)
    irb (1.4.2)
      reline (>= 0.3.0)
    json (2.6.2)
    mime-types (3.4.1)
      mime-types-data (~> 3.2015)
    mime-types-data (3.2022.0105)
    minitest (5.16.3)
    multi_xml (0.6.0)
    reline (0.3.1)
      io-console (~> 0.5)
    tzinfo (2.0.5)
      concurrent-ruby (~> 1.0)

PLATFORMS
  x86_64-linux

DEPENDENCIES
  activesupport
  debug
  httparty
  json

BUNDLED WITH
   2.3.15
